GEM
  remote: http://rubygems.org/
  specs:
    ansi (1.5.0)
    ast (2.4.2)
    builder (3.2.4)
    minitest (5.22.3)
    minitest-reporters (1.6.1)
      ansi
      builder
      minitest (>= 5.0)
      ruby-progressbar
    msgpack (1.7.2)
    oga (3.4)
      ast
      ruby-ll (~> 2.1)
    rake (13.2.1)
    ruby-ll (2.1.3)
      ansi
      ast
    ruby-progressbar (1.13.0)

PLATFORMS
  x64-mingw32

DEPENDENCIES
  minitest-reporters
  msgpack
  oga
  rake

BUNDLED WITH
   2.1.4
